GEM
  remote: https://rubygems.org/
  specs:
    addressable (2.4.0)
    css_parser (1.3.7)
      addressable
    htmlentities (4.3.4)
    mini_portile2 (2.0.0)
    nokogiri (1.6.7.1)
      mini_portile2 (~> 2.0.0.rc2)
    premailer (1.8.6)
      css_parser (>= 1.3.6)
      htmlentities (>= 4.0.0)

PLATFORMS
  ruby

DEPENDENCIES
  nokogiri
  premailer

BUNDLED WITH
   1.11.2
